PATH
  remote: .
  specs:
    ruby_motion_query (1.6.1)

GEM
  remote: https://rubygems.org/
  specs:
    rake (10.4.2)

PLATFORMS
  ruby

DEPENDENCIES
  rake
  ruby_motion_query!

BUNDLED WITH
   1.10.6
