PATH
  remote: .
  specs:
    rmq (0.1)

GEM
  remote: https://rubygems.org/
  specs:

PLATFORMS
  ruby

DEPENDENCIES
  rmq!
