PATH
  remote: .
  specs:
    ruby_motion_query (1.3.5)

GEM
  remote: https://rubygems.org/
  specs:
    bacon (1.2.0)
    rake (10.3.2)

PLATFORMS
  ruby

DEPENDENCIES
  bacon
  rake
  ruby_motion_query!
