PATH
  remote: .
  specs:
    ruby_motion_query (0.4.1b)

GEM
  remote: https://rubygems.org/
  specs:
    bacon (1.2.0)
    rake (10.1.0)

PLATFORMS
  ruby

DEPENDENCIES
  bacon
  rake
  ruby_motion_query!
