PATH
  remote: .
  specs:
    ruby_motion_query (0.2.0)

GEM
  remote: https://rubygems.org/
  specs:
    bacon (1.2.0)
    rake (10.0.4)

PLATFORMS
  ruby

DEPENDENCIES
  bacon
  rake
  ruby_motion_query!
