PATH
  remote: .
  specs:
    ruby_motion_query (0.1.1)

GEM
  remote: https://rubygems.org/
  specs:

PLATFORMS
  ruby

DEPENDENCIES
  ruby_motion_query!
