PATH
  remote: .
  specs:
    ruby_motion_query (0.7.0)

GEM
  remote: https://rubygems.org/
  specs:
    bacon (1.2.0)
    motion_print (0.0.1)
    rake (10.2.2)

PLATFORMS
  ruby

DEPENDENCIES
  bacon
  motion_print
  rake
  ruby_motion_query!
